GEM
  remote: https://rubygems.org/
  specs:
    betterlorem (0.1.2)
    rainbow (3.0.0)
    timers (4.3.3)

PLATFORMS
  universal-darwin-19

DEPENDENCIES
  betterlorem (~> 0.1.2)
  rainbow
  timers

BUNDLED WITH
   2.2.15
