GEM
  remote: https://rubygems.org/
  specs:
    betterlorem (0.1.2)
    rainbow (3.0.0)

PLATFORMS
  universal-darwin-19

DEPENDENCIES
  betterlorem (~> 0.1.2)
  rainbow

BUNDLED WITH
   2.2.15
